GEM
  remote: https://rubygems.org/
  specs:
    google-protobuf (3.19.2)
    googleapis-common-protos-types (1.0.4)
      google-protobuf (~> 3.0)
    grpc (1.25.0)
      google-protobuf (~> 3.8)
      googleapis-common-protos-types (~> 1.0)

PLATFORMS
  ruby

DEPENDENCIES
  google-protobuf (= 3.19.2)
  grpc (= 1.25.0)

RUBY VERSION
   ruby 2.6.5p114

BUNDLED WITH
   2.0.2
